GEM
  remote: https://rubygems.org/
  specs:
    kgio (2.9.2)
    mechanize (2.0.1)
      net-http-digest_auth (~> 1.1, >= 1.1.1)
      net-http-persistent (~> 1.8)
      nokogiri (~> 1.4)
      webrobots (~> 0.0, >= 0.0.9)
    mini_portile (0.5.1)
    net-http-digest_auth (1.1.1)
    net-http-persistent (1.9)
    nokogiri (1.6.0)
      mini_portile (~> 0.5.0)
    rack (1.5.2)
    rack-protection (1.5.0)
      rack
    raindrops (0.13.0)
    sinatra (1.4.3)
      rack (~> 1.4)
      rack-protection (~> 1.4)
      tilt (~> 1.3, >= 1.3.4)
    tilt (1.4.1)
    unicorn (4.8.3)
      kgio (~> 2.6)
      rack
      raindrops (~> 0.7)
    webrobots (0.0.12)
      nokogiri (>= 1.4.4)

PLATFORMS
  ruby

DEPENDENCIES
  mechanize
  sinatra
  unicorn
